GEM
  remote: https://rubygems.org/
  specs:
    addressable (2.3.6)
    dotenv (1.0.2)
    excon (0.42.1)
    figaro (1.0.0)
      thor (~> 0.14)
    foreman (0.77.0)
      dotenv (~> 1.0.2)
      thor (~> 0.19.1)
    hashie (3.3.2)
    heroku (3.22.0)
      heroku-api (~> 0.3.19)
      launchy (>= 0.3.2)
      multi_json (~> 1.10.1)
      netrc (>= 0.10.0)
      rest-client (= 1.6.7)
      rubyzip (= 0.9.9)
    heroku-api (0.3.22)
      excon (~> 0.38)
      multi_json (~> 1.8)
    launchy (2.4.3)
      addressable (~> 2.3)
    mime-types (2.4.3)
    multi_json (1.10.1)
    netrc (0.10.2)
    oauth (0.4.7)
    omniauth (1.2.2)
      hashie (>= 1.2, < 4)
      rack (~> 1.0)
    omniauth-oauth (1.0.1)
      oauth
      omniauth (~> 1.0)
    omniauth-rdio (0.1.0)
      omniauth-oauth (~> 1.0)
    rack (1.6.0)
    rack-protection (1.5.3)
      rack
    rest-client (1.6.7)
      mime-types (>= 1.16)
    rubyzip (0.9.9)
    sinatra (1.4.5)
      rack (~> 1.4)
      rack-protection (~> 1.4)
      tilt (~> 1.3, >= 1.3.4)
    thor (0.19.1)
    tilt (1.4.1)

PLATFORMS
  ruby

DEPENDENCIES
  figaro
  foreman
  heroku
  omniauth-rdio
  sinatra
