GEM
  remote: https://rubygems.org/
  specs:
    addressable (2.3.6)
    dotenv (0.11.1)
      dotenv-deployment (~> 0.0.2)
    dotenv-deployment (0.0.2)
    excon (0.14.2)
    foreman (0.75.0)
      dotenv (~> 0.11.1)
      thor (~> 0.19.1)
    hashie (3.3.2)
    heroku (2.28.7)
      heroku-api (~> 0.2.6)
      launchy (>= 0.3.2)
      netrc (~> 0.7.5)
      rest-client (~> 1.6.1)
      rubyzip
    heroku-api (0.2.6)
      excon (~> 0.14.0)
    launchy (2.4.3)
      addressable (~> 2.3)
    mime-types (2.4.3)
    netrc (0.7.5)
    oauth (0.4.7)
    omniauth (1.2.2)
      hashie (>= 1.2, < 4)
      rack (~> 1.0)
    omniauth-oauth (1.0.1)
      oauth
      omniauth (~> 1.0)
    omniauth-rdio (0.1.0)
      omniauth-oauth (~> 1.0)
    rack (1.5.2)
    rack-protection (1.5.3)
      rack
    rest-client (1.6.7)
      mime-types (>= 1.16)
    rubyzip (1.1.6)
    sinatra (1.4.5)
      rack (~> 1.4)
      rack-protection (~> 1.4)
      tilt (~> 1.3, >= 1.3.4)
    thor (0.19.1)
    tilt (1.4.1)

PLATFORMS
  ruby

DEPENDENCIES
  foreman
  heroku
  omniauth-rdio
  sinatra
